GEM
  remote: http://rubygems.org/
  specs:
    capistrano (2.12.0)
      highline
      net-scp (>= 1.0.0)
      net-sftp (>= 2.0.0)
      net-ssh (>= 2.0.14)
      net-ssh-gateway (>= 1.1.0)
    capistrano_colors (0.5.5)
    facter (1.6.9)
    highline (1.6.12)
    httparty (0.8.3)
      multi_json (~> 1.0)
      multi_xml
    jruby-pageant (1.0.2)
    multi_json (1.3.5)
    multi_xml (0.5.1)
    net-scp (1.0.4)
      net-ssh (>= 1.99.1)
    net-sftp (2.0.5)
      net-ssh (>= 2.0.9)
    net-ssh (2.4.0)
      jruby-pageant (>= 1.0.2)
    net-ssh-gateway (1.1.0)
      net-ssh (>= 1.99.1)
    oldskool (0.0.6)
      bundler
      httparty
      sinatra
    oldskool-password (0.0.2)
      passmakr
    oldskool-puppet (0.0.3)
      puppet
      redcarpet
    passmakr (1.1.0)
    puppet (2.7.14)
      facter (>= 1.5.1)
    rack (1.4.1)
    rack-protection (1.2.0)
      rack
    railsless-deploy (1.0.2)
    redcarpet (2.1.1)
    rvm-capistrano (1.2.0)
      capistrano (>= 2.0.0)
    sinatra (1.3.2)
      rack (~> 1.3, >= 1.3.6)
      rack-protection (~> 1.2)
      tilt (~> 1.3, >= 1.3.3)
    tilt (1.3.3)

PLATFORMS
  ruby

DEPENDENCIES
  capistrano
  capistrano_colors
  facter
  oldskool
  oldskool-password
  oldskool-puppet
  puppet
  railsless-deploy
  rvm-capistrano
  sinatra
